GEM
  remote: https://rubygems.org/
  specs:
    aasm (5.1.1)
      concurrent-ruby (~> 1.0)
    activesupport (6.1.3)
      concurrent-ruby (~> 1.0, >= 1.0.2)
      i18n (>= 1.6, < 2)
      minitest (>= 5.1)
      tzinfo (~> 2.0)
      zeitwerk (~> 2.3)
    addressable (2.7.0)
      public_suffix (>= 2.0.2, < 5.0)
    amazing_print (1.2.2)
    ansi (1.5.0)
    ast (2.4.2)
    bootsnap (1.7.2)
      msgpack (~> 1.0)
    builder (3.2.4)
    byebug (11.1.3)
    chronic (0.10.2)
    coderay (1.1.3)
    commander (4.5.2)
      highline (~> 2.0.0)
    concurrent-ruby (1.1.8)
    connection_pool (2.2.3)
    coveralls (0.8.23)
      json (>= 1.8, < 3)
      simplecov (~> 0.16.1)
      term-ansicolor (~> 1.3)
      thor (>= 0.19.4, < 2.0)
      tins (~> 1.6)
    crack (0.4.5)
      rexml
    dalli (2.7.11)
    descendants_tracker (0.0.4)
      thread_safe (~> 0.3, >= 0.3.1)
    diff-lcs (1.4.4)
    dim (1.2.8)
    docile (1.3.5)
    domain_name (0.5.20190701)
      unf (>= 0.0.5, < 1.0.0)
    dot_hash (1.1.8)
    dotenv (2.7.6)
    et-orbi (1.2.4)
      tzinfo
    factory_bot (6.1.0)
      activesupport (>= 5.0.0)
    faker (2.16.0)
      i18n (>= 1.6, < 2)
    faraday (1.0.1)
      multipart-post (>= 1.2, < 3)
    faraday_middleware (1.0.0)
      faraday (~> 1.0)
    ffi (1.14.2)
    fugit (1.4.2)
      et-orbi (~> 1.1, >= 1.1.8)
      raabro (~> 1.4)
    gemfile_updater (0.1.0)
    git (1.8.1)
      rchardet (~> 1.8)
    github_api (0.19.0)
      addressable (~> 2.4)
      descendants_tracker (~> 0.0.4)
      faraday (>= 0.8, < 2)
      hashie (~> 3.5, >= 3.5.2)
      oauth2 (~> 1.0)
    hashdiff (1.0.1)
    hashie (3.6.0)
    highline (2.0.3)
    htmlentities (4.3.4)
    http-accept (2.1.1)
    http-cookie (1.0.3)
      domain_name (~> 0.5)
    i18n (1.8.9)
      concurrent-ruby (~> 1.0)
    ipstack (0.1.3)
      nokogiri (>= 1.8, < 2.0)
    jbuilder (2.11.2)
      activesupport (>= 5.0.0)
    json (2.5.1)
    juwelier (2.4.9)
      builder
      bundler
      git
      github_api
      highline
      kamelcase (~> 0)
      nokogiri
      psych
      rake
      rdoc
      semver2
    jwt (2.2.2)
    kamelcase (0.0.2)
      semver2 (~> 3)
    launchy (2.5.0)
      addressable (~> 2.7)
    mailgun-ruby (1.2.0)
      rest-client (~> 2.0.2)
    method_source (1.0.0)
    mime-types (3.3.1)
      mime-types-data (~> 3.2015)
    mime-types-data (3.2021.0225)
    mini_portile2 (2.5.0)
    minitest (5.14.4)
    msgpack (1.4.2)
    multi_json (1.15.0)
    multi_xml (0.6.0)
    multipart-post (2.1.1)
    netrc (0.11.0)
    nio4r (2.5.5)
    nokogiri (1.11.1)
      mini_portile2 (~> 2.5.0)
      racc (~> 1.4)
    oauth2 (1.4.4)
      faraday (>= 0.8, < 2.0)
      jwt (>= 1.0, < 3.0)
      multi_json (~> 1.3)
      multi_xml (~> 0.5)
      rack (>= 1.2, < 3)
    oj (3.11.2)
    papertrail (0.11.0)
      ansi (~> 1.5)
      chronic (~> 0.10)
    parallel (1.20.1)
    parser (3.0.0.0)
      ast (~> 2.4.1)
    parslet (2.0.0)
    pg (1.2.3)
    phony (2.18.19)
    plivo (4.16.0)
      faraday (~> 1.0.1)
      faraday_middleware (~> 1.0.0)
      htmlentities
      jwt
    pry (0.14.0)
      coderay (~> 1.1)
      method_source (~> 1.0)
    psych (3.3.1)
    public_suffix (4.0.6)
    puma (5.2.1)
      nio4r (~> 2.0)
    raabro (1.4.0)
    racc (1.5.2)
    rack (2.2.3)
    rack-cors (1.1.1)
      rack (>= 2.0.0)
    rack-protection (2.1.0)
      rack
    rack-ssl-enforcer (0.2.9)
    rack-test (1.1.0)
      rack (>= 1.0, < 3)
    rack-unreloader (1.7.0)
    rainbow (3.0.0)
    rake (13.0.3)
    rbnacl (7.1.1)
      ffi
    rchardet (1.8.0)
    rdoc (6.3.0)
    redis (4.2.5)
    regexp_parser (2.1.1)
    rest-client (2.0.2)
      http-cookie (>= 1.0.2, < 2.0)
      mime-types (>= 1.16, < 4.0)
      netrc (~> 0.8)
    rexml (3.2.4)
    roda (3.41.0)
      rack
    roda-route_list (2.1.0)
      roda
    rspec (3.10.0)
      rspec-core (~> 3.10.0)
      rspec-expectations (~> 3.10.0)
      rspec-mocks (~> 3.10.0)
    rspec-core (3.10.1)
      rspec-support (~> 3.10.0)
    rspec-expectations (3.10.1)
      diff-lcs (>= 1.2.0, < 2.0)
      rspec-support (~> 3.10.0)
    rspec-its (1.3.0)
      rspec-core (>= 3.0.0)
      rspec-expectations (>= 3.0.0)
    rspec-mocks (3.10.2)
      diff-lcs (>= 1.2.0, < 2.0)
      rspec-support (~> 3.10.0)
    rspec-support (3.10.2)
    rubocop (1.11.0)
      parallel (~> 1.10)
      parser (>= 3.0.0.0)
      rainbow (>= 2.2.2, < 4.0)
      regexp_parser (>= 1.8, < 3.0)
      rexml
      rubocop-ast (>= 1.2.0, < 2.0)
      ruby-progressbar (~> 1.7)
      unicode-display_width (>= 1.4.0, < 3.0)
    rubocop-ast (1.4.1)
      parser (>= 2.7.1.5)
    rubocop-rails (2.9.1)
      activesupport (>= 4.2.0)
      rack (>= 1.1)
      rubocop (>= 0.90.0, < 2.0)
    rubocop-rspec (2.2.0)
      rubocop (~> 1.0)
      rubocop-ast (>= 1.1.0)
    rubocop-sequel (0.2.0)
      rubocop (~> 1.0)
    ruby-progressbar (1.11.0)
    semantic_logger (4.7.4)
      concurrent-ruby (~> 1.0)
    semver2 (3.4.2)
    sentry-ruby (4.2.2)
      concurrent-ruby (~> 1.0, >= 1.0.2)
      faraday (>= 1.0)
      sentry-ruby-core (= 4.2.2)
    sentry-ruby-core (4.2.2)
      concurrent-ruby
      faraday
    sentry-sidekiq (4.2.1)
      sentry-ruby-core (~> 4.2.0)
    sequel (5.42.0)
    sequel_pg (1.14.0)
      pg (>= 0.18.0, != 1.2.0)
      sequel (>= 4.38.0)
    sidekiq (6.1.3)
      connection_pool (>= 2.2.2)
      rack (~> 2.0)
      redis (>= 4.2.0)
    sidekiq-cron (1.2.0)
      fugit (~> 1.1)
      sidekiq (>= 4.2.1)
    simplecov (0.16.1)
      docile (~> 1.1)
      json (>= 1.8, < 3)
      simplecov-html (~> 0.10.0)
    simplecov-html (0.10.2)
    skylight (4.3.2)
      skylight-core (= 4.3.2)
    skylight-core (4.3.2)
      activesupport (>= 4.2.0)
    slim (4.1.0)
      temple (>= 0.7.6, < 0.9)
      tilt (>= 2.0.6, < 2.1)
    swagger_yard (1.0.4)
      parslet
      yard
    sync (0.5.0)
    temple (0.8.2)
    term-ansicolor (1.7.1)
      tins (~> 1.0)
    thor (1.1.0)
    thread_safe (0.3.6)
    tilt (2.0.10)
    tilt-jbuilder (0.7.1)
      jbuilder
      tilt (>= 1.3.0, < 3)
    timecop (0.9.4)
    tins (1.28.0)
      sync
    tzinfo (2.0.4)
      concurrent-ruby (~> 1.0)
    unf (0.1.4)
      unf_ext
    unf_ext (0.0.7.7)
    unicode-display_width (2.0.0)
    userstack (0.1.0)
    vcr (6.0.0)
    webmock (3.12.0)
      addressable (>= 2.3.6)
      crack (>= 0.3.2)
      hashdiff (>= 0.4.0, < 2.0.0)
    wisper (2.0.1)
    yard (0.9.26)
    zeitwerk (2.4.2)

PLATFORMS
  ruby

DEPENDENCIES
  aasm (~> 5.1.1)
  activesupport (~> 6.1.3)
  amazing_print (~> 1.2)
  bootsnap (~> 1.7.2)
  bundler (~> 1.17)
  byebug (~> 11.1.3)
  commander (~> 4.5.2)
  coveralls (~> 0.8.23)
  dalli (~> 2.7.11)
  dim (~> 1.2.8)
  dot_hash (~> 1.1.8)
  dotenv (~> 2.7.6)
  factory_bot (~> 6.1.0)
  faker (~> 2.16.0)
  gemfile_updater (~> 0.1.0)
  http-accept (~> 2.1.1)
  ipstack (~> 0.1.3)
  jbuilder (~> 2.11.2)
  juwelier (~> 2.4.9)
  launchy (~> 2.5.0)
  mailgun-ruby (~> 1.2.0)
  oj (~> 3.11.2)
  papertrail (~> 0.11.0)
  pg (~> 1.2.3)
  phony (~> 2.18.19)
  plivo (~> 4.16.0)
  pry (~> 0.14.0)
  puma (~> 5.2.1)
  rack-cors (~> 1.1.1)
  rack-protection (~> 2.1.0)
  rack-ssl-enforcer (~> 0.2.9)
  rack-test (~> 1.1.0)
  rack-unreloader (~> 1.7.0)
  rbnacl (~> 7.1.1)
  rdoc (~> 6.3.0)
  roda (~> 3.41.0)
  roda-route_list (~> 2.1.0)
  rspec (~> 3.10.0)
  rspec-its (~> 1.3.0)
  rubocop (~> 1.11.0)
  rubocop-rails (~> 2.9.1)
  rubocop-rspec (~> 2.2.0)
  rubocop-sequel (~> 0.2.0)
  semantic_logger (~> 4.7.4)
  sentry-ruby (~> 4.2.2)
  sentry-sidekiq (~> 4.2.1)
  sequel (~> 5.42.0)
  sequel_pg (~> 1.14.0)
  sidekiq (~> 6.1.3)
  sidekiq-cron (~> 1.2.0)
  skylight (~> 4.3.2)
  slim (~> 4.1.0)
  swagger_yard (~> 1.0.4)
  tilt-jbuilder (~> 0.7.1)
  timecop (~> 0.9.4)
  userstack (~> 0.1.0)
  vcr (~> 6.0.0)
  webmock (~> 3.12.0)
  wisper (~> 2.0.1)

BUNDLED WITH
   1.17.3
